GEM
  remote: http://rubygems.org/
  specs:
    wavefile (0.4.0)

PLATFORMS
  ruby

DEPENDENCIES
  wavefile
