GEM
  remote: http://rubygems.org/
  specs:
    ffi (1.2.0)
    ffi-portaudio (0.1.2)
      ffi
    portmidi (0.0.6)

PLATFORMS
  ruby

DEPENDENCIES
  ffi-portaudio
  portmidi
